GEM
  remote: https://rubygems.org/
  specs:
    rack (2.2.3)
    rack-unreloader (1.7.0)
    roda (3.35.0)
      rack

PLATFORMS
  ruby

DEPENDENCIES
  rack
  rack-unreloader
  roda

BUNDLED WITH
   2.1.4
